GEM
  remote: https://rubygems.org/
  specs:
    rack (2.1.4.2)

PLATFORMS
  ruby

DEPENDENCIES
  rack

RUBY VERSION
   ruby 3.1.2p20

BUNDLED WITH
   1.17.2
